GEM
  remote: http://rubygems.org/
  specs:
    activemodel (3.1.0)
      activesupport (= 3.1.0)
      bcrypt-ruby (~> 3.0.0)
      builder (~> 3.0.0)
      i18n (~> 0.6)
    activesupport (3.1.0)
      multi_json (~> 1.0)
    bcrypt-ruby (3.0.1)
    bson (1.3.1)
    bson_ext (1.3.1)
    builder (3.0.0)
    chunky_png (1.2.4)
    coffee-script (2.2.0)
      coffee-script-source
      execjs
    coffee-script-source (1.1.2)
    compass (0.11.5)
      chunky_png (~> 1.2)
      fssm (>= 0.2.7)
      sass (~> 3.1)
    diff-lcs (1.1.3)
    execjs (1.2.6)
      multi_json (~> 1.0)
    fancy-buttons (1.1.1)
      compass (>= 0.11)
    fssm (0.2.7)
    grit (2.4.1)
      diff-lcs (~> 1.1)
      mime-types (~> 1.15)
    haml (3.1.3)
    http_router (0.10.2)
      rack (>= 1.0.0)
      url_mount (~> 0.2.1)
    i18n (0.6.0)
    mail (2.3.0)
      i18n (>= 0.4.0)
      mime-types (~> 1.16)
      treetop (~> 1.4.8)
    mime-types (1.16)
    mongo (1.3.1)
      bson (>= 1.3.1)
    mongoid (2.2.0)
      activemodel (~> 3.0)
      mongo (~> 1.3)
      tzinfo (~> 0.3.22)
    multi_json (1.0.3)
    padrino (0.10.2)
      padrino-admin (= 0.10.2)
      padrino-cache (= 0.10.2)
      padrino-core (= 0.10.2)
      padrino-gen (= 0.10.2)
      padrino-helpers (= 0.10.2)
      padrino-mailer (= 0.10.2)
    padrino-admin (0.10.2)
      padrino-core (= 0.10.2)
      padrino-helpers (= 0.10.2)
    padrino-cache (0.10.2)
      padrino-core (= 0.10.2)
    padrino-core (0.10.2)
      activesupport (~> 3.1.0)
      http_router (~> 0.10.2)
      sinatra (~> 1.2.6)
      thor (~> 0.14.3)
      tilt (~> 1.3.0)
    padrino-gen (0.10.2)
      bundler (~> 1.0)
      grit (~> 2.4.1)
      padrino-core (= 0.10.2)
    padrino-helpers (0.10.2)
      i18n (~> 0.6)
      padrino-core (= 0.10.2)
    padrino-mailer (0.10.2)
      mail (~> 2.3.0)
      padrino-core (= 0.10.2)
    polyglot (0.3.2)
    rack (1.3.2)
    rack-coffee (0.9.1)
      rack
    rack-flash (0.1.2)
      rack
    rack-test (0.6.1)
      rack (>= 1.0)
    rake (0.9.2)
    rspec (2.6.0)
      rspec-core (~> 2.6.0)
      rspec-expectations (~> 2.6.0)
      rspec-mocks (~> 2.6.0)
    rspec-core (2.6.4)
    rspec-expectations (2.6.0)
      diff-lcs (~> 1.1.2)
    rspec-mocks (2.6.0)
    sass (3.1.7)
    sinatra (1.2.6)
      rack (~> 1.1)
      tilt (< 2.0, >= 1.2.2)
    thor (0.14.6)
    tilt (1.3.3)
    treetop (1.4.10)
      polyglot
      polyglot (>= 0.3.1)
    tzinfo (0.3.29)
    url_mount (0.2.1)
      rack

PLATFORMS
  ruby

DEPENDENCIES
  bson_ext
  coffee-script
  compass
  fancy-buttons
  haml
  mongoid
  padrino (= 0.10.2)
  rack-coffee
  rack-flash
  rack-test
  rake
  rspec
